GIT
  remote: git://github.com/Groupsite/aws-s3.git
  revision: 84e855f79cb34f23fdee953f8e7fe4b9f5a40ed9
  specs:
    aws-s3 (0.6.2)
      builder
      mime-types
      xml-simple

GEM
  specs:
    builder (3.0.0)
    eventmachine (0.12.10)
    mime-types (1.16)
    xml-simple (1.0.14)

PLATFORMS
  ruby

DEPENDENCIES
  aws-s3!
  eventmachine
