GIT
  remote: git://github.com/Groupsite/aws-s3.git
  revision: a926042cfbae852e898773db679b57e69c44c1b6
  specs:
    aws-s3 (0.6.2)
      builder
      mime-types
      xml-simple

GEM
  remote: http://rubygems.org/
  specs:
    activesupport (2.3.5)
    addressable (2.2.6)
    builder (3.0.0)
    daemons (1.1.4)
    em-http-request (0.3.0)
      addressable (>= 2.0.0)
      escape_utils
      eventmachine (>= 0.12.9)
    escape_utils (0.2.3)
    eventmachine (0.12.10)
    hoptoad_notifier (2.4.2)
      activesupport
      builder
    mime-types (1.16)
    xml-simple (1.1.0)

PLATFORMS
  ruby

DEPENDENCIES
  aws-s3!
  daemons
  em-http-request
  eventmachine
  hoptoad_notifier
