GIT
  remote: git://github.com/Groupsite/aws-s3.git
  revision: 84e855f79cb34f23fdee953f8e7fe4b9f5a40ed9
  specs:
    aws-s3 (0.6.2)
      builder
      mime-types
      xml-simple

GEM
  remote: http://rubygems.org/
  specs:
    addressable (2.2.6)
    builder (3.0.0)
    em-http-request (0.3.0)
      addressable (>= 2.0.0)
      escape_utils
      eventmachine (>= 0.12.9)
    escape_utils (0.2.3)
    eventmachine (0.12.10)
    mime-types (1.16)
    xml-simple (1.0.14)

PLATFORMS
  ruby

DEPENDENCIES
  aws-s3!
  em-http-request
  eventmachine
